PATH
  remote: .
  specs:
    citeproc-js (0.0.1)
      citeproc (~> 0.0)
      execjs (~> 1.2)

GEM
  remote: http://rubygems.org/
  specs:
    builder (3.0.0)
    citeproc (0.0.1)
      multi_json (~> 1.0)
    cucumber (1.0.2)
      builder (>= 2.1.2)
      diff-lcs (>= 1.1.2)
      gherkin (~> 2.4.5)
      json (>= 1.4.6)
      term-ansicolor (>= 1.0.5)
    diff-lcs (1.1.2)
    execjs (1.2.0)
      multi_json (~> 1.0)
    gherkin (2.4.5)
      json (>= 1.4.6)
    gherkin (2.4.5-java)
      json (>= 1.4.6)
    json (1.5.3)
    json (1.5.3-java)
    multi_json (1.0.3)
    rspec (2.6.0)
      rspec-core (~> 2.6.0)
      rspec-expectations (~> 2.6.0)
      rspec-mocks (~> 2.6.0)
    rspec-core (2.6.4)
    rspec-expectations (2.6.0)
      diff-lcs (~> 1.1.2)
    rspec-mocks (2.6.0)
    term-ansicolor (1.0.5)
    watchr (0.7)

PLATFORMS
  java
  ruby

DEPENDENCIES
  citeproc-js!
  cucumber (>= 1.0.2)
  rspec (>= 2.6.0)
  watchr (>= 0.7)
